GEM
  remote: http://rubygems.org/
  specs:
    abstract (1.0.0)
    actionmailer (3.0.7)
      actionpack (= 3.0.7)
      mail (~> 2.2.15)
    actionpack (3.0.7)
      activemodel (= 3.0.7)
      activesupport (= 3.0.7)
      builder (~> 2.1.2)
      erubis (~> 2.6.6)
      i18n (~> 0.5.0)
      rack (~> 1.2.1)
      rack-mount (~> 0.6.14)
      rack-test (~> 0.5.7)
      tzinfo (~> 0.3.23)
    activemodel (3.0.7)
      activesupport (= 3.0.7)
      builder (~> 2.1.2)
      i18n (~> 0.5.0)
    activerecord (3.0.7)
      activemodel (= 3.0.7)
      activesupport (= 3.0.7)
      arel (~> 2.0.2)
      tzinfo (~> 0.3.23)
    activeresource (3.0.7)
      activemodel (= 3.0.7)
      activesupport (= 3.0.7)
    activesupport (3.0.7)
    arel (2.0.9)
    bson (1.3.0)
    bson_ext (1.3.0)
    builder (2.1.2)
    chronic (0.3.0)
    ci_reporter (1.6.4)
      builder (>= 2.1.2)
    database_cleaner (0.6.7)
    erubis (2.6.6)
      abstract (>= 1.0.0)
    faker (0.9.5)
      i18n (~> 0.4)
    graylog2-declarative_authorization (0.5.2)
    home_run (1.0.2)
    hoptoad_notifier (2.4.9)
      activesupport
      builder
    i18n (0.5.0)
    json (1.5.1)
    machinist (1.0.6)
    machinist_mongo (1.2.0)
      machinist (~> 1.0.6)
    mail (2.2.19)
      activesupport (>= 2.3.6)
      i18n (>= 0.4.0)
      mime-types (~> 1.16)
      treetop (~> 1.4.8)
    mime-types (1.16)
    mocha (0.9.12)
    mongo (1.3.0)
      bson (>= 1.3.0)
    mongoid (2.0.1)
      activemodel (~> 3.0)
      mongo (~> 1.3)
      tzinfo (~> 0.3.22)
      will_paginate (~> 3.0.pre)
    newrelic_rpm (2.14.1)
    plucky (0.3.8)
      mongo (~> 1.3)
    polyglot (0.3.1)
    pony (1.2)
      mail (> 2.0)
    rack (1.2.2)
    rack-mount (0.6.14)
      rack (>= 1.0.0)
    rack-test (0.5.7)
      rack (>= 1.0)
    rails (3.0.7)
      actionmailer (= 3.0.7)
      actionpack (= 3.0.7)
      activerecord (= 3.0.7)
      activeresource (= 3.0.7)
      activesupport (= 3.0.7)
      bundler (~> 1.0)
      railties (= 3.0.7)
    railties (3.0.7)
      actionpack (= 3.0.7)
      activesupport (= 3.0.7)
      rake (>= 0.8.7)
      thor (~> 0.14.4)
    rake (0.8.7)
    rpm_contrib (1.0.13)
      newrelic_rpm (>= 2.13.1)
    shoulda (2.11.3)
    shoulda-activemodel (0.0.2)
      shoulda (>= 2.11.0)
    thor (0.14.6)
    treetop (1.4.9)
      polyglot (>= 0.3.1)
    tzinfo (0.3.27)
    will_paginate (3.0.pre2)

PLATFORMS
  ruby

DEPENDENCIES
  bson_ext (~> 1.3.0)
  chronic (~> 0.3.0)
  ci_reporter
  database_cleaner (~> 0.6.0)
  faker (~> 0.9.5)
  graylog2-declarative_authorization
  home_run (~> 1.0.2)
  hoptoad_notifier (~> 2.4.9)
  json (~> 1.5.1)
  machinist_mongo (~> 1.2.0)
  mocha (~> 0.9.12)
  mongoid (~> 2.0.1)
  newrelic_rpm (~> 2.14.1)
  plucky (~> 0.3.6)
  pony (~> 1.1)
  rack (~> 1.2.2)
  rails (~> 3.0.6)
  rpm_contrib (~> 1.0.13)
  shoulda (~> 2.11.3)
  shoulda-activemodel (= 0.0.2)
